GEM
  remote: http://rubygems.org/
  specs:
    base64 (0.2.0)
    bcrypt (3.1.12)
    csv (3.3.5)
    logger (1.6.4)
    mini_portile2 (2.8.9)
    mustermann (3.0.0)
      ruby2_keywords (~> 0.0.1)
    nio4r (2.5.8)
    nokogiri (1.18.9-x64-mingw-ucrt)
      racc (~> 1.4)
    ocra (1.3.11)
    puma (6.6.0)
      nio4r (~> 2.0)
    racc (1.8.1)
    rack (3.2.1)
    rack-protection (4.1.1)
      base64 (>= 0.1.0)
      logger (>= 1.6.0)
      rack (>= 3.0.0, < 4)
    rack-session (2.0.0)
      rack (>= 3.0.0)
    rackup (2.2.1)
      rack (>= 3)
    roo (2.10.1)
      nokogiri (~> 1)
      rubyzip (>= 1.3.0, < 3.0.0)
    ruby2_keywords (0.0.5)
    rubyzip (2.3.2)
    sinatra (4.1.1)
      logger (>= 1.6.0)
      mustermann (~> 3.0)
      rack (>= 3.0.0, < 4)
      rack-protection (= 4.1.1)
      rack-session (>= 2.0.0, < 3)
      tilt (~> 2.0)
    sqlite3 (2.7.3)
      mini_portile2 (~> 2.8.0)
    tilt (2.3.0)

PLATFORMS
  x64-mingw-ucrt

DEPENDENCIES
  bcrypt
  csv
  nokogiri
  ocra
  puma
  rackup
  roo
  sinatra
  sqlite3

BUNDLED WITH
   2.7.1
